GEM
  remote: https://rubygems.org/
  specs:
    fluent-logger (0.4.5)
      msgpack (= 0.4.7)
      yajl-ruby (~> 1.0)
    hirb (0.7.1)
    json (1.7.7)
    msgpack (0.4.7)
    parallel (0.5.21)
    rack (1.5.2)
    rack-protection (1.3.2)
      rack
    sinatra (1.3.4)
      rack (~> 1.4)
      rack-protection (~> 1.3)
      tilt (~> 1.3, >= 1.3.3)
    td (0.10.72)
      hirb (>= 0.4.5)
      msgpack (~> 0.4.4)
      parallel (~> 0.5.19)
      td-client (~> 0.8.45)
      td-logger (~> 0.3.16)
      yajl-ruby (~> 1.1.0)
    td-client (0.8.45)
      json (~> 1.7.6)
      msgpack (~> 0.4.4)
    td-logger (0.3.20)
      fluent-logger (~> 0.4.1)
      msgpack (= 0.4.7)
      td-client (~> 0.8.4)
    tilt (1.3.3)
    yajl-ruby (1.1.0)

PLATFORMS
  ruby

DEPENDENCIES
  rack
  sinatra
  td
